GEM
  remote: https://rubygems.org/
  specs:
    ast (2.4.2)
    diff-lcs (1.5.1)
    http-2 (1.0.1)
    httpx (1.3.0)
      http-2 (>= 1.0.0)
    json (2.7.1)
    language_server-protocol (3.17.0.3)
    logger (1.6.1)
    nio4r (2.7.3)
    parallel (1.26.3)
    parser (3.3.5.0)
      ast (~> 2.4.1)
      racc
    prism (1.0.0)
    puma (6.4.3)
      nio4r (~> 2.0)
    racc (1.8.1)
    rack (2.2.9)
    rack-test (1.1.0)
      rack (>= 1.0, < 3)
    rainbow (3.1.1)
    rake (13.2.1)
    rbs (3.5.3)
      logger
    regexp_parser (2.9.2)
    rspec (3.13.0)
      rspec-core (~> 3.13.0)
      rspec-expectations (~> 3.13.0)
      rspec-mocks (~> 3.13.0)
    rspec-core (3.13.0)
      rspec-support (~> 3.13.0)
    rspec-expectations (3.13.1)
      diff-lcs (>= 1.2.0, < 2.0)
      rspec-support (~> 3.13.0)
    rspec-mocks (3.13.1)
      diff-lcs (>= 1.2.0, < 2.0)
      rspec-support (~> 3.13.0)
    rspec-support (3.13.1)
    rubocop (1.66.1)
      json (~> 2.3)
      language_server-protocol (>= 3.17.0)
      parallel (~> 1.10)
      parser (>= 3.3.0.2)
      rainbow (>= 2.2.2, < 4.0)
      regexp_parser (>= 2.4, < 3.0)
      rubocop-ast (>= 1.32.2, < 2.0)
      ruby-progressbar (~> 1.7)
      unicode-display_width (>= 2.4.0, < 3.0)
    rubocop-ast (1.32.3)
      parser (>= 3.3.1.0)
    rubocop-rake (0.6.0)
      rubocop (~> 1.0)
    rubocop-rspec (3.0.5)
      rubocop (~> 1.61)
    ruby-lsp (0.18.2)
      language_server-protocol (~> 3.17.0)
      prism (~> 1.0)
      rbs (>= 3, < 4)
      sorbet-runtime (>= 0.5.10782)
    ruby-progressbar (1.13.0)
    sorbet-runtime (0.5.11577)
    thor (1.3.1)
    unicode-display_width (2.5.0)

PLATFORMS
  arm64-darwin-23
  ruby

DEPENDENCIES
  bundler
  httpx (~> 1.3)
  json
  puma (>= 6.4.3)
  rack
  rack-test (~> 1.1)
  rake
  rspec (~> 3.13)
  rubocop (= 1.66.1)
  rubocop-rake
  rubocop-rspec
  ruby-lsp
  thor

BUNDLED WITH
   2.5.3
